PATH
  remote: .
  specs:
    mygem (1.0.0)

GEM
  remote: https://rubygems.org/
  specs:

PLATFORMS
  ruby

DEPENDENCIES
  mygem!

BUNDLED WITH
   1.17.3
